GEM
  remote: https://rubygems.org/
  specs:
    colorize (0.8.1)
    unicode (0.4.4.4)

PLATFORMS
  ruby

DEPENDENCIES
  colorize
  unicode

BUNDLED WITH
   2.0.2
